GEM
  remote: https://rubygems.org/
  specs:
    activemodel (3.2.13)
      activesupport (= 3.2.13)
      builder (~> 3.0.0)
    activesupport (3.2.13)
      i18n (= 0.6.1)
      multi_json (~> 1.0)
    bson (1.8.3)
    bson_ext (1.8.3)
      bson (~> 1.8.3)
    builder (3.0.4)
    curb (0.8.3)
    i18n (0.6.1)
    mongoid (3.1.2)
      activemodel (~> 3.2)
      moped (~> 1.4.2)
      origin (~> 1.0)
      tzinfo (~> 0.3.22)
    moped (1.4.3)
    multi_json (1.7.1)
    origin (1.0.11)
    psych (1.3.4)
    rack (1.5.2)
    rack-protection (1.5.0)
      rack
    shotgun (0.9)
      rack (>= 1.0)
    sinatra (1.4.1)
      rack (~> 1.5, >= 1.5.2)
      rack-protection (~> 1.4)
      tilt (~> 1.3, >= 1.3.4)
    tilt (1.3.6)
    tzinfo (0.3.37)
    yajl-ruby (1.1.0)

PLATFORMS
  ruby

DEPENDENCIES
  bson_ext (>= 1.0.4)
  curb
  mongoid (>= 2.0.0.beta.17)
  psych
  shotgun
  sinatra
  yajl-ruby
